GEM
  remote: http://rubygems.org/
  specs:
    crack (0.3.1)
    faraday (0.8.1)
      multipart-post (~> 1.1)
    hashie (1.2.0)
    httmultiparty (0.3.8)
      httparty (>= 0.7.3)
      multipart-post
    httparty (0.8.3)
      multi_json (~> 1.0)
      multi_xml
    httpauth (0.1)
    json (1.7.3)
    mime-types (1.18)
    multi_json (1.3.6)
    multi_xml (0.5.1)
    multipart-post (1.1.5)
    oauth2 (0.6.1)
      faraday (~> 0.7)
      httpauth (~> 0.1)
      multi_json (~> 1.3)
    omniauth (1.1.0)
      hashie (~> 1.2)
      rack
    omniauth-oauth2 (1.0.2)
      oauth2 (~> 0.6.0)
      omniauth (~> 1.0)
    omniauth-soundcloud (1.0.0)
      omniauth-oauth2 (~> 1.0.0)
    omniauth-vkontakte (1.0.6)
      multi_json
      omniauth (~> 1.0)
      omniauth-oauth2 (~> 1.0)
    rack (1.4.1)
    rack-protection (1.2.0)
      rack
    rest-client (1.6.7)
      mime-types (>= 1.16)
    sinatra (1.3.2)
      rack (~> 1.3, >= 1.3.6)
      rack-protection (~> 1.2)
      tilt (~> 1.3, >= 1.3.3)
    soundcloud (0.2.9)
      hashie
      httmultiparty (>= 0.3)
      httparty (>= 0.7.3)
    tilt (1.3.3)
    transformer (0.2.2)
    vk-ruby (0.7.4)
      json (~> 1.6)
      transformer (~> 0.2.2)
    yajl-ruby (1.1.0)

PLATFORMS
  x86-mingw32

DEPENDENCIES
  crack
  json
  omniauth-soundcloud
  omniauth-vkontakte
  rest-client
  sinatra
  soundcloud
  vk-ruby
  yajl-ruby
